GEM
  remote: https://rubygems.org/
  specs:
    bcrypt (3.1.17)

PLATFORMS
  x86_64-darwin-21
  x86_64-linux

DEPENDENCIES
  bcrypt

BUNDLED WITH
   2.3.8
